GEM
  remote: https://rubygems.org/
  specs:
    ast (2.4.0)
    benchmark-malloc (0.1.0)
    benchmark-perf (0.5.0)
    benchmark-trend (0.3.0)
    byebug (11.0.1)
    coderay (1.1.2)
    colorize (0.8.1)
    diff-lcs (1.3)
    fasterer (0.6.0)
      colorize (~> 0.7)
      ruby_parser (>= 3.13.0)
    ffi (1.11.1)
    get_process_mem (0.2.4)
      ffi (~> 1.0)
    jaro_winkler (1.5.3)
    memory_profiler (0.9.14)
    method_source (0.9.2)
    oj (3.8.1)
    parallel (1.17.0)
    parser (2.6.3.0)
      ast (~> 2.4.0)
    pry (0.12.2)
      coderay (~> 1.1.0)
      method_source (~> 0.9.0)
    pry-byebug (3.7.0)
      byebug (~> 11.0)
      pry (~> 0.10)
    rainbow (3.0.0)
    rspec (3.8.0)
      rspec-core (~> 3.8.0)
      rspec-expectations (~> 3.8.0)
      rspec-mocks (~> 3.8.0)
    rspec-benchmark (0.5.0)
      benchmark-malloc (~> 0.1.0)
      benchmark-perf (~> 0.5.0)
      benchmark-trend (~> 0.3.0)
      rspec (>= 3.0.0, < 4.0.0)
    rspec-core (3.8.2)
      rspec-support (~> 3.8.0)
    rspec-expectations (3.8.4)
      diff-lcs (>= 1.2.0, < 2.0)
      rspec-support (~> 3.8.0)
    rspec-mocks (3.8.1)
      diff-lcs (>= 1.2.0, < 2.0)
      rspec-support (~> 3.8.0)
    rspec-support (3.8.2)
    rubocop (0.74.0)
      jaro_winkler (~> 1.5.1)
      parallel (~> 1.10)
      parser (>= 2.6)
      rainbow (>= 2.2.2, < 4.0)
      ruby-progressbar (~> 1.7)
      unicode-display_width (>= 1.4.0, < 1.7)
    rubocop-performance (1.4.1)
      rubocop (>= 0.71.0)
    ruby-prof (1.0.0)
    ruby-progressbar (1.10.1)
    ruby_parser (3.13.1)
      sexp_processor (~> 4.9)
    sexp_processor (4.12.1)
    stackprof (0.2.12)
    unicode-display_width (1.6.0)

PLATFORMS
  ruby

DEPENDENCIES
  fasterer
  get_process_mem
  memory_profiler
  oj
  pry-byebug
  rspec
  rspec-benchmark
  rubocop-performance
  ruby-prof
  stackprof

RUBY VERSION
   ruby 2.6.3p62

BUNDLED WITH
   1.17.2
